GEM
  remote: https://rubygems.org/
  specs:
    gist (6.0.0)
    mini_portile2 (2.4.0)
    nokogiri (1.10.10)
      mini_portile2 (~> 2.4.0)
    nokogiri (1.10.10-x64-mingw32)
      mini_portile2 (~> 2.4.0)

PLATFORMS
  ruby
  x64-mingw32

DEPENDENCIES
  gist (~> 6.0.0)
  nokogiri (~> 1.10.10)

BUNDLED WITH
   2.1.4
