GEM
  remote: https://rubygems.org/
  specs:
    gist (5.0.0)
    mini_portile2 (2.4.0)
    nokogiri (1.10.4)
      mini_portile2 (~> 2.4.0)
    nokogiri (1.10.4-x64-mingw32)
      mini_portile2 (~> 2.4.0)

PLATFORMS
  ruby
  x64-mingw32

DEPENDENCIES
  gist
  nokogiri (>= 1.10.4)

BUNDLED WITH
   2.1.2
