GEM
  remote: https://rubygems.org/
  specs:
    gist (5.1.0)
    mini_portile2 (2.4.0)
    nokogiri (1.10.9)
      mini_portile2 (~> 2.4.0)

PLATFORMS
  ruby

DEPENDENCIES
  gist (~> 5.1.0)
  nokogiri (~> 1.10.8)

BUNDLED WITH
   2.1.4
